GEM
  remote: https://rubygems.org/
  specs:
    fakeweb (1.3.0)
    httparty (0.14.0)
      multi_xml (>= 0.5.2)
    json (2.3.0)
    minitest (5.10.1)
    multi_xml (0.6.0)
    rake (12.0.0)

PLATFORMS
  ruby

DEPENDENCIES
  fakeweb
  httparty
  json
  minitest
  rake

BUNDLED WITH
   1.12.5
