GEM
  remote: https://rubygems.org/
  specs:
    addressable (2.8.1)
      public_suffix (>= 2.0.2, < 6.0)
    fakeweb (1.3.0)
    httparty (0.21.0)
      mini_mime (>= 1.0.0)
      multi_xml (>= 0.5.2)
    json (2.6.3)
    mini_mime (1.1.2)
    minitest (5.17.0)
    multi_xml (0.6.0)
    public_suffix (5.0.1)
    rake (13.0.6)

PLATFORMS
  ruby

DEPENDENCIES
  addressable
  fakeweb
  httparty
  json
  minitest
  rake

BUNDLED WITH
   2.4.6
